GEM
  remote: https://rubygems.org/
  specs:
    addressable (2.7.0)
      public_suffix (>= 2.0.2, < 5.0)
    bundler-licensed (0.2.0)
    childprocess (3.0.0)
    curb (0.9.11)
    dotenv (2.7.6)
    faraday (1.3.0)
      faraday-net_http (~> 1.0)
      multipart-post (>= 1.2, < 3)
      ruby2_keywords
    faraday-net_http (1.0.1)
    gem-release (2.2.1)
    launchy (2.5.0)
      addressable (~> 2.7)
    licensed (2.15.2)
      bundler (>= 1.10)
      licensee (>= 9.14.0, < 10.0.0)
      parallel (>= 0.18.0)
      pathname-common_prefix (~> 0.0.1)
      reverse_markdown (~> 1.0)
      ruby-xxHash (~> 0.4)
      thor (>= 0.19)
      tomlrb (~> 1.2)
    licensee (9.15.1)
      dotenv (~> 2.0)
      octokit (~> 4.20)
      reverse_markdown (~> 1.0)
      rugged (>= 0.24, < 2.0)
      thor (>= 0.19, < 2.0)
    multipart-post (2.1.1)
    nokogiri (1.11.2-x86_64-darwin)
      racc (~> 1.4)
    octokit (4.20.0)
      faraday (>= 0.9)
      sawyer (~> 0.8.0, >= 0.5.3)
    parallel (1.20.1)
    parslet (1.8.2)
    pastel (0.8.0)
      tty-color (~> 0.5)
    pathname-common_prefix (0.0.1)
    public_suffix (4.0.6)
    racc (1.5.2)
    regexp_parser (2.1.1)
    reverse_markdown (1.4.0)
      nokogiri
    ruby-xxHash (0.4.0.1)
    ruby2_keywords (0.0.4)
    rubyzip (2.3.0)
    rugged (1.1.0)
    sawyer (0.8.2)
      addressable (>= 2.3.5)
      faraday (> 0.8, < 2.0)
    selenium-webdriver (3.142.7)
      childprocess (>= 0.5, < 4.0)
      rubyzip (>= 1.2.2)
    strings-ansi (0.2.0)
    terminal-notifier (2.0.0)
    thor (1.1.0)
    toml (0.2.0)
      parslet (~> 1.8.0)
    tomlrb (1.3.0)
    tty-color (0.6.0)
    tty-config (0.4.0)
    tty-cursor (0.7.1)
    tty-logger (0.6.0)
      pastel (~> 0.8)
    tty-progressbar (0.18.2)
      strings-ansi (~> 0.2)
      tty-cursor (~> 0.7)
      tty-screen (~> 0.8)
      unicode-display_width (>= 1.6, < 3.0)
    tty-prompt (0.23.0)
      pastel (~> 0.8)
      tty-reader (~> 0.8)
    tty-reader (0.9.0)
      tty-cursor (~> 0.7)
      tty-screen (~> 0.8)
      wisper (~> 2.0)
    tty-screen (0.8.1)
    tty-spinner (0.9.3)
      tty-cursor (~> 0.7)
    unicode-display_width (2.0.0)
    watir (6.19.1)
      regexp_parser (>= 1.2, < 3)
      selenium-webdriver (>= 3.142.7)
    webdrivers (4.6.0)
      nokogiri (~> 1.6)
      rubyzip (>= 1.3.0)
      selenium-webdriver (>= 3.0, < 4.0)
    wisper (2.0.1)

PLATFORMS
  x86_64-darwin-20

DEPENDENCIES
  bundler-licensed
  curb (~> 0.9.11)
  gem-release
  launchy (~> 2.5)
  licensed
  nokogiri (~> 1.11)
  pastel (~> 0.8.0)
  terminal-notifier (~> 2.0)
  toml (~> 0.2.0)
  tty-config (~> 0.4.0)
  tty-logger (~> 0.6.0)
  tty-progressbar (~> 0.18.2)
  tty-prompt (~> 0.23.0)
  tty-spinner (~> 0.9.3)
  watir (~> 6.19)
  webdrivers (~> 4.0)

BUNDLED WITH
   2.2.16
