GEM
  remote: https://rubygems.org/
  specs:
    addressable (2.7.0)
      public_suffix (>= 2.0.2, < 5.0)
    childprocess (3.0.0)
    curb (0.9.11)
    launchy (2.5.0)
      addressable (~> 2.7)
    nokogiri (1.11.2-x86_64-darwin)
      racc (~> 1.4)
    parslet (1.8.2)
    pastel (0.8.0)
      tty-color (~> 0.5)
    public_suffix (4.0.6)
    racc (1.5.2)
    regexp_parser (2.1.1)
    rubyzip (2.3.0)
    selenium-webdriver (3.142.7)
      childprocess (>= 0.5, < 4.0)
      rubyzip (>= 1.2.2)
    strings-ansi (0.2.0)
    terminal-notifier (2.0.0)
    toml (0.2.0)
      parslet (~> 1.8.0)
    tty-color (0.6.0)
    tty-config (0.4.0)
    tty-cursor (0.7.1)
    tty-logger (0.6.0)
      pastel (~> 0.8)
    tty-progressbar (0.18.2)
      strings-ansi (~> 0.2)
      tty-cursor (~> 0.7)
      tty-screen (~> 0.8)
      unicode-display_width (>= 1.6, < 3.0)
    tty-prompt (0.23.0)
      pastel (~> 0.8)
      tty-reader (~> 0.8)
    tty-reader (0.9.0)
      tty-cursor (~> 0.7)
      tty-screen (~> 0.8)
      wisper (~> 2.0)
    tty-screen (0.8.1)
    tty-spinner (0.9.3)
      tty-cursor (~> 0.7)
    unicode-display_width (2.0.0)
    watir (6.19.1)
      regexp_parser (>= 1.2, < 3)
      selenium-webdriver (>= 3.142.7)
    webdrivers (4.6.0)
      nokogiri (~> 1.6)
      rubyzip (>= 1.3.0)
      selenium-webdriver (>= 3.0, < 4.0)
    wisper (2.0.1)

PLATFORMS
  x86_64-darwin-20

DEPENDENCIES
  curb (~> 0.9.11)
  launchy (~> 2.5)
  nokogiri (~> 1.11)
  pastel (~> 0.8.0)
  terminal-notifier (~> 2.0)
  toml (~> 0.2.0)
  tty-config (~> 0.4.0)
  tty-logger (~> 0.6.0)
  tty-progressbar (~> 0.18.2)
  tty-prompt (~> 0.23.0)
  tty-spinner (~> 0.9.3)
  watir (~> 6.19)
  webdrivers (~> 4.0)

BUNDLED WITH
   2.2.15
